GEM
  remote: https://rubygems.org/
  specs:
    atk (2.2.5)
      glib2 (= 2.2.5)
    cairo (1.14.1)
      pkg-config (>= 1.1.5)
    coderay (1.1.0)
    faraday (0.9.1)
      multipart-post (>= 1.2, < 3)
    gdk_pixbuf2 (2.2.5)
      glib2 (= 2.2.5)
    gettext (3.1.6)
      locale (>= 2.0.5)
      text (>= 1.3.0)
    glib2 (2.2.5)
      pkg-config
    gtk2 (2.2.5)
      atk (= 2.2.5)
      gdk_pixbuf2 (= 2.2.5)
      pango (= 2.2.5)
    hikidoc (0.1.0)
    kramdown (2.3.1)
      rexml
    locale (2.1.1)
    mini_portile2 (2.4.0)
    multipart-post (2.0.0)
    nokogiri (1.10.8)
      mini_portile2 (~> 2.4.0)
    pango (2.2.5)
      cairo (>= 1.14.0)
      glib2 (= 2.2.5)
    pkg-config (1.1.6)
    poppler (2.2.5)
      cairo (>= 1.14.0)
      gdk_pixbuf2 (= 2.2.5)
    rabbit (2.1.6)
      coderay (>= 1.0.0)
      faraday
      gettext (>= 3.0.1)
      gtk2
      hikidoc
      kramdown
      nokogiri
      poppler
      rdtool
      rsvg2
      rttool
    rdtool (0.6.38)
    rexml (3.2.4)
    rsvg2 (2.2.5)
      cairo (>= 1.12.8)
      gdk_pixbuf2 (= 2.2.5)
    rttool (1.0.3.0)
    text (1.3.1)

PLATFORMS
  ruby

DEPENDENCIES
  rabbit
