GEM
  remote: https://rubygems.org/
  specs:
    atk (2.1.0)
      glib2 (= 2.1.0)
    cairo (1.12.8)
      pkg-config
    coderay (1.1.0)
    eventmachine (1.0.3)
    faraday (0.9.0)
      multipart-post (>= 1.2, < 3)
    gdk_pixbuf2 (2.1.0)
      glib2 (= 2.1.0)
    gettext (3.1.1)
      locale (>= 2.0.5)
      text
    gio2 (2.1.0)
      glib2 (= 2.1.0)
    glib2 (2.1.0)
      pkg-config
    gtk2 (2.1.0)
      atk (= 2.1.0)
      gdk_pixbuf2 (= 2.1.0)
      pango (= 2.1.0)
    hikidoc (0.0.6)
    http_parser.rb (0.5.3)
    json (1.8.1)
    kramdown (1.3.2)
    locale (2.1.0)
    mime-types (2.1)
    mini_portile (0.5.2)
    multipart-post (2.0.0)
    nokogiri (1.6.1)
      mini_portile (~> 0.5.0)
    oauth (0.4.7)
    pango (2.1.0)
      cairo (>= 1.12.5)
      glib2 (= 2.1.0)
    pkg-config (1.1.5)
    poppler (2.1.0)
      cairo (>= 1.12.8)
      gdk_pixbuf2 (= 2.1.0)
    rabbit (2.1.2)
      coderay (>= 1.0.0)
      faraday
      gettext (>= 3.0.1)
      gtk2
      hikidoc
      kramdown
      nokogiri
      poppler
      rdtool
      rsvg2
      rttool
    rabbiter (2.0.1)
      gio2 (>= 1.1.4)
      rabbit (>= 2.0.0)
      twitter-stream (>= 0.1.16)
      twitter_oauth
    rdtool (0.6.38)
    rsvg2 (2.1.0)
      cairo (>= 1.12.8)
      gdk_pixbuf2 (= 2.1.0)
    rttool (1.0.3.0)
    simple_oauth (0.1.9)
    text (1.2.3)
    twitter-stream (0.1.16)
      eventmachine (>= 0.12.8)
      http_parser.rb (~> 0.5.1)
      simple_oauth (~> 0.1.4)
    twitter_oauth (0.4.94)
      json (>= 1.8.0)
      mime-types (>= 1.16)
      oauth (>= 0.4.7)

PLATFORMS
  ruby

DEPENDENCIES
  rabbit
  rabbiter
